GEM
  remote: http://rubygems.org/
  specs:
    activemodel (3.0.7)
      activesupport (= 3.0.7)
      builder (~> 2.1.2)
      i18n (~> 0.5.0)
    activerecord-jdbc-adapter (1.1.1)
    activerecord-jdbcmysql-adapter (1.1.1)
      activerecord-jdbc-adapter (= 1.1.1)
      jdbc-mysql (~> 5.1.0)
    activeresource (3.0.7)
      activemodel (= 3.0.7)
      activesupport (= 3.0.7)
    activesupport (3.0.7)
    bouncy-castle-java (1.5.0146.1)
    builder (2.1.2)
    i18n (0.5.0)
    jdbc-mysql (5.1.13)
    jruby-openssl (0.7.4)
      bouncy-castle-java
    rack (1.2.2)
    rake (0.8.7)
    sinatra (1.2.6)
      rack (~> 1.1)
      tilt (>= 1.2.2, < 2.0)
    tilt (1.3)

PLATFORMS
  java

DEPENDENCIES
  activerecord-jdbcmysql-adapter
  activeresource (~> 3)
  jruby-openssl
  rake
  sinatra
